GEM
  remote: http://rubygems.org/
  specs:
    configuration (1.1.0)
    crack (0.1.8)
    heroku (1.10.2)
      json_pure (>= 1.2.0, < 1.5.0)
      launchy (~> 0.3.2)
      rest-client (~> 1.4.0)
    httparty (0.6.1)
      crack (= 0.1.8)
    json_pure (1.4.3)
    launchy (0.3.7)
      configuration (>= 0.0.5)
      rake (>= 0.8.1)
    mime-types (1.16)
    rake (0.8.7)
    rest-client (1.4.2)
      mime-types (>= 1.16)
    rr (1.0.0)
    shoulda (2.11.3)

PLATFORMS
  ruby

DEPENDENCIES
  bundler (~> 1.0.0)
  heroku (>= 1.10.2)
  httparty (>= 0.6.1)
  rake
  rr
  shoulda
